GEM
  remote: http://rubygems.org/
  specs:
    activerecord (2.3.5)
      activesupport (= 2.3.5)
    activesupport (2.3.5)
    arel-compat (0.4.0)
      activerecord (~> 2.3.4)
      activesupport (~> 2.3.4)
    json (1.5.1)
    mysql (2.8.1)
    rspec (1.2.9)
    sqlite3-ruby (1.3.2)

PLATFORMS
  ruby

DEPENDENCIES
  activerecord (= 2.3.5)
  arel-compat (= 0.4.0)
  json
  mysql (= 2.8.1)
  rspec (>= 1.2.9)
  sqlite3-ruby
